GIT
  remote: git://github.com/mbleigh/omniauth-linkedin.git
  revision: 673a8688da9c8e6c9c96a1edc88f3518debe4f5a
  branch: patch-1
  specs:
    omniauth-linkedin (0.0.1)
      omniauth-oauth (~> 1.0.0.rc2)

GIT
  remote: git://github.com/mbleigh/ruby-openid.git
  revision: 4b6fdd152edbc9d1f617056879eb03bd82b78eb4
  specs:
    ruby-openid (2.1.8)

GIT
  remote: git://github.com/mkdynamic/omniauth-facebook.git
  revision: 0959ab1962f7ad83248c3e87827695e6777049fc
  specs:
    omniauth-facebook (1.0.0.rc1)
      omniauth-oauth2 (~> 1.0.0.rc2)

GEM
  remote: http://rubygems.org/
  specs:
    activemodel (3.1.1)
      activesupport (= 3.1.1)
      builder (~> 3.0.0)
      i18n (~> 0.6)
    activesupport (3.1.1)
      multi_json (~> 1.0)
    addressable (2.2.6)
    bcrypt-ruby (3.0.1)
    bson (1.4.0)
    bson_ext (1.3.1)
    builder (3.0.0)
    chunky_png (1.2.5)
    compass (0.11.5)
      chunky_png (~> 1.2)
      fssm (>= 0.2.7)
      sass (~> 3.1)
    faraday (0.7.5)
      addressable (~> 2.2.6)
      multipart-post (~> 1.1.3)
      rack (< 2, >= 1.1.0)
    fssm (0.2.7)
    hashie (1.2.0)
    i18n (0.6.0)
    mongo (1.3.1)
      bson (>= 1.3.1)
    mongoid (2.2.3)
      activemodel (~> 3.0)
      mongo (~> 1.3)
      tzinfo (~> 0.3.22)
    multi_json (1.0.3)
    multipart-post (1.1.3)
    oauth (0.4.5)
    oauth2 (0.5.1)
      faraday (~> 0.7.4)
      multi_json (~> 1.0.3)
    omniauth (1.0.0)
      hashie (~> 1.2)
      rack
    omniauth-foursquare (0.0.2)
      omniauth (~> 1.0)
      omniauth-oauth2 (~> 1.0)
    omniauth-geoloqi (0.1.2)
      omniauth-oauth2 (>= 1.0.0)
    omniauth-github (1.0.0)
      omniauth (~> 1.0)
      omniauth-oauth2 (~> 1.0)
    omniauth-identity (1.0.0)
      omniauth (~> 1.0)
    omniauth-oauth (1.0.0)
      oauth
      omniauth (~> 1.0)
    omniauth-oauth2 (1.0.0)
      oauth2 (~> 0.5.0)
      omniauth (~> 1.0)
    omniauth-openid (1.0.1)
      omniauth (~> 1.0)
      rack-openid (~> 1.3.1)
    omniauth-twitter (0.0.6)
      omniauth-oauth (~> 1.0)
    openid_mongodb_store (0.3.0)
      mongo (~> 1.3)
      ruby-openid (~> 2.1)
    rack (1.3.5)
    rack-openid (1.3.1)
      rack (>= 1.1.0)
      ruby-openid (>= 2.1.8)
    rack-protection (1.1.4)
      rack
    sass (3.1.10)
    sinatra (1.3.1)
      rack (>= 1.3.4, ~> 1.3)
      rack-protection (>= 1.1.2, ~> 1.1)
      tilt (>= 1.3.3, ~> 1.3)
    tilt (1.3.3)
    tzinfo (0.3.31)

PLATFORMS
  ruby

DEPENDENCIES
  bcrypt-ruby
  bson_ext (= 1.3.1)
  compass
  mongo (= 1.3.1)
  mongoid (= 2.2.3)
  omniauth
  omniauth-facebook!
  omniauth-foursquare
  omniauth-geoloqi
  omniauth-github
  omniauth-identity
  omniauth-linkedin!
  omniauth-openid
  omniauth-twitter
  openid_mongodb_store
  ruby-openid!
  sinatra
