GIT
  remote: git://github.com/intridea/omniauth-contrib.git
  revision: bb61386c2b1032ff7ccafd8ed7ca3ceafd3c12aa
  specs:
    omniauth-contrib (1.0.0.rc2)
      multi_json
      omniauth (~> 1.0.0.rc2)
      omniauth-oauth (~> 1.0.0.rc2)

GIT
  remote: git://github.com/intridea/omniauth-github.git
  revision: 9b9660d6d2759ccb726717fdfefd826b6c4989fe
  specs:
    omniauth-github (1.0.0.rc2)
      omniauth (~> 1.0.0.rc2)
      omniauth-oauth2 (~> 1.0.0.rc2)

GIT
  remote: git://github.com/mbleigh/omniauth-linkedin.git
  revision: 673a8688da9c8e6c9c96a1edc88f3518debe4f5a
  branch: patch-1
  specs:
    omniauth-linkedin (0.0.1)
      omniauth-oauth (~> 1.0.0.rc2)

GIT
  remote: git://github.com/mkdynamic/omniauth-facebook.git
  revision: e585e8d9158f3317322c2c29cf6b97bfd414ec85
  specs:
    omniauth-facebook (1.0.0.rc1)
      omniauth-oauth2 (~> 1.0.0.rc2)

GEM
  remote: http://rubygems.org/
  specs:
    addressable (2.2.6)
    chunky_png (1.2.5)
    compass (0.11.5)
      chunky_png (~> 1.2)
      fssm (>= 0.2.7)
      sass (~> 3.1)
    faraday (0.7.5)
      addressable (~> 2.2.6)
      multipart-post (~> 1.1.3)
      rack (< 2, >= 1.1.0)
    fssm (0.2.7)
    hashie (1.2.0)
    multi_json (1.0.3)
    multipart-post (1.1.3)
    oauth (0.4.5)
    oauth2 (0.5.1)
      faraday (~> 0.7.4)
      multi_json (~> 1.0.3)
    omniauth (1.0.0.rc2)
      hashie (~> 1.2)
      rack
    omniauth-oauth (1.0.0.rc2)
      oauth
      omniauth (~> 1.0.0.rc2)
    omniauth-oauth2 (1.0.0.rc2)
      oauth2 (~> 0.5.0)
      omniauth (~> 1.0.0.rc2)
    omniauth-openid (1.0.0.rc2)
      omniauth (~> 1.0.0.rc2)
      rack-openid (~> 1.3.1)
    rack (1.3.5)
    rack-openid (1.3.1)
      rack (>= 1.1.0)
      ruby-openid (>= 2.1.8)
    rack-protection (1.1.4)
      rack
    redis (2.2.2)
    ruby-openid (2.1.8)
    sass (3.1.10)
    sinatra (1.3.1)
      rack (~> 1.3, >= 1.3.4)
      rack-protection (~> 1.1, >= 1.1.2)
      tilt (~> 1.3, >= 1.3.3)
    tilt (1.3.3)

PLATFORMS
  ruby

DEPENDENCIES
  compass
  omniauth (~> 1.0.0.rc2)
  omniauth-contrib (~> 1.0.0.rc2)!
  omniauth-facebook!
  omniauth-github (~> 1.0.0.rc2)!
  omniauth-linkedin!
  omniauth-openid (~> 1.0.0.rc2)
  redis
  sinatra
